PATH
  remote: .
  specs:
    fission-app-jobs (0.1.0)
      fission
      fission-data
      octokit

PATH
  remote: ../fission
  specs:
    fission (0.1.0)
      carnivore
      celluloid
      childprocess
      mixlib-cli

PATH
  remote: ../fission-data
  specs:
    fission-data (0.1.0)
      risky

PATH
  remote: /home/spox/Projects/chrisroberts/risky
  specs:
    risky (1.1.0)
      riak-client (~> 1.4.0)

GEM
  remote: https://rubygems.org/
  specs:
    addressable (2.3.5)
    beefcake (0.3.7)
    builder (3.2.2)
    carnivore (0.1.10)
      celluloid
      fog
      mixlib-config
    celluloid (0.15.2)
      timers (~> 1.1.0)
    childprocess (0.3.9)
      ffi (~> 1.0, >= 1.0.11)
    coderay (1.1.0)
    excon (0.28.0)
    faraday (0.8.8)
      multipart-post (~> 1.2.0)
    ffi (1.9.3)
    fog (1.18.0)
      builder
      excon (~> 0.28.0)
      formatador (~> 0.2.0)
      mime-types
      multi_json (~> 1.0)
      net-scp (~> 1.1)
      net-ssh (>= 2.1.3)
      nokogiri (~> 1.5)
      ruby-hmac
    formatador (0.2.4)
    i18n (0.6.5)
    innertube (1.0.2)
    method_source (0.8.2)
    mime-types (2.0)
    mini_portile (0.5.2)
    mixlib-cli (1.3.0)
    mixlib-config (2.0.0)
    multi_json (1.8.2)
    multipart-post (1.2.0)
    net-scp (1.1.2)
      net-ssh (>= 2.6.5)
    net-ssh (2.7.0)
    nokogiri (1.6.0)
      mini_portile (~> 0.5.0)
    octokit (2.6.1)
      sawyer (~> 0.5.1)
    pry (0.9.12.4)
      coderay (~> 1.0)
      method_source (~> 0.8)
      slop (~> 3.4)
    riak-client (1.4.2)
      beefcake (~> 0.3.7)
      builder (>= 2.1.2)
      i18n (>= 0.4.0)
      innertube (~> 1.0.2)
      multi_json (~> 1.0)
    ruby-hmac (0.4.0)
    sawyer (0.5.1)
      addressable (~> 2.3.5)
      faraday (~> 0.8, < 0.10)
    slop (3.4.7)
    timers (1.1.0)

PLATFORMS
  ruby

DEPENDENCIES
  fission!
  fission-app-jobs!
  fission-data!
  pry
  risky!
